PATH
  remote: .
  specs:
    r00lz (0.1.0)
      json (~> 2.2)
      rack (~> 2.2)

GEM
  remote: https://rubygems.org/
  specs:
    diff-lcs (1.6.0)
    json (2.10.2)
    rack (2.2.13)
    rake (13.2.1)
    rspec (3.13.0)
      rspec-core (~> 3.13.0)
      rspec-expectations (~> 3.13.0)
      rspec-mocks (~> 3.13.0)
    rspec-core (3.13.3)
      rspec-support (~> 3.13.0)
    rspec-expectations (3.13.3)
      diff-lcs (>= 1.2.0, < 2.0)
      rspec-support (~> 3.13.0)
    rspec-mocks (3.13.2)
      diff-lcs (>= 1.2.0, < 2.0)
      rspec-support (~> 3.13.0)
    rspec-support (3.13.2)

PLATFORMS
  arm64-darwin-21
  arm64-darwin-23

DEPENDENCIES
  r00lz!
  rake (~> 13.0)
  rspec (~> 3.0)

BUNDLED WITH
   2.4.10
